##TITLE= Parameter file, TopSpin 3.6.1
##JCAMPDX= 5.0
##DATATYPE= Parameter Values
##NPOINTS= 109507	$$ modification sequence number
##ORIGIN= Bruker BioSpin GmbH
##OWNER= nmr
$$ 2021-11-09 11:34:37.941 +0000  lm3@rmn700.clients.ua.pt
$$ /opt/topspin3.6.1/conf/instr/spect/specpar
$$ process /opt/topspin3.6.1/prog/mod/hconfserver
##$ANCIEN= (0..7)
0 0 0 0 0 0 0 0
##$BF1= 100.13
##$BF2= 100.13
##$BF3= 100.13
##$DEC= 1
##$DECB= 1
##$DEF19F= yes
##$DEFRSEL= yes
##$HPMOD= (0..7)
0 0 0 0 0 0 0 0
##$HPPRECH= (0..15)
-1 -1 -1 -1 -1 -1 -1 -1 -1 -1 -1 -1 -1 -1 -1 -1
##$HPSELECT= yes
##$LOCSW19F= -1
##$LOCSW2H= -1
##$NUC1= 18
##$NUC2= 0
##$NUC3= 0
##$NUC4= 0
##$NUC5= 0
##$NUC6= 0
##$NUC7= 0
##$NUC8= 0
##$NUCARR= (0..123)
700.13 700.13 107.474217812 746.786481166 533.351864669 103.031732912 272.097101936
98.380958357 75.219572755 224.629527166 176.047828526 50.593613212 70.943556786
94.912822394 658.780399214 55.270334585 185.19768747 42.859403126 182.431886917
139.096136343 283.417818965 53.7419788 68.598100282 57.100677443 32.670677285
40.621668623 17.932464697 47.118952038 170.073808271 39.470066794 39.480589748
69.805124402 184.154829832 39.574820245 173.556751983 22.668655111 166.120363196
62.563973866 185.642781115 198.862775801 43.805754844 168.04067976 213.516573715
24.422739809 119.880557398 133.525383967 36.530837039 175.410430174 189.080734473
26.93820188 67.597152426 229.08571459 30.342387969 34.307756257 65.086171187
171.365009021 45.626954004 46.584514804 157.587542824 32.242043696 36.13629278
22.309271381 32.03864893 28.339995165 32.580780593 148.535940124 155.381076128
153.088710482 153.416889418 229.073777374 249.472134937 261.082901822 167.54514875
90.731365982 183.222214665 220.8893977 140.078411732 194.707455242 57.718164097
91.830044985 69.554113794 77.804942806 92.37725259 98.897850333 214.379806
38.157085 23.524368 29.195421 24.084472 174.052318 76.874274 21.493991
28.215239 168.311252 24.084472 33.746266 149.407742 20.163744 58.040777
122.517891098 33.7532673 79.8428252 56.9275703 28.0542091 17.6222721 83.94278648
29.170125303 157.70148198 159.29077708 15.97928403 54.36789502 12.0282334
13.0994323 150.505433819 12.1052477 125.399038069 46.289676058 399.93666016
403.861854989 146.471389779 112.505906074 12.89219382 25.414719 100
##$NUCOFFS= (0..127)
<1H> <13C> <29Si> <23Na> <79Br> <31P> <27Al> <6Li> <17O> <15N> <14N> <11B>
<2H> <7Li> <33S> <87Rb> <69Ga> <> <> <> <> <> <> <> <> <> <> <> <> <> <>
<> <> <> <> <> <> <> <> <> <> <> <> <> <> <> <> <> <> <> <> <> <> <> <>
<> <> <> <> <> <> <> <> <> <> <> <> <> <> <> <> <> <> <> <> <> <> <> <>
<> <> <> <> <> <> <> <> <> <> <> <> <> <> <> <> <> <> <> <> <> <> <> <>
<> <> <> <> <> <> <> <> <> <> <> <> <> <> <> <> <> <> <> <> <> <> <> <>
<>
##$OBS= 1
##$OFFS= (0..127)
3000 0 0 0 0 0 0 0 0 0 0 0 0 0 0 0 0 0 0 0 0 0 0 0 0 0 0 0 0 0 0 0 0 0
0 0 0 0 0 0 0 0 0 0 0 0 0 0 0 0 0 0 0 0 0 0 0 0 0 0 0 0 0 0 0 0 0 0 0 0
0 0 0 0 0 0 0 0 0 0 0 0 0 0 0 0 0 0 0 0 0 0 0 0 0 0 0 0 0 0 0 0 0 0 0 0
0 0 0 0 0 0 0 0 0 0 0 0 0 0 0 0 0 0 0 0 0 0
##$OFFSF= (0..7)
0 0 0 0 0 0 0 0
##$OFFSH= (0..7)
-29262.1999999483 0 0 0 0 0 0 0
##$OFFSX= (0..7)
0 0 0 0 0 0 0 0
##$OFFSXAS= (0..7)
0 0 0 0 0 0 0 0
##$OFSF1= 0
##$OFSF2= 0
##$OFSH1= 0
##$OFSH2= 0
##$OFSH3= 0
##$OFSX1= 0
##$OFSX2= 0
##$OFSY= 0
##$PACOIL= (0..15)
0 0 0 0 0 0 0 0 0 0 0 0 0 0 0 0
##$PRECHAN= (0..15)
-1 4 -1 0 -1 2 3 1 -1 -1 -1 -1 -1 -1 -1 -1
##$RECPRE= (0..15)
-1 0 -1 -1 -1 -1 -1 -1 -1 -1 -1 -1 -1 -1 -1 -1
##$RECPRFX= (0..15)
1 0 0 0 0 0 0 0 0 0 0 0 0 0 0 0
##$RECSEL= (0..15)
0 0 0 0 1 0 0 0 0 0 0 0 0 0 0 0
##$SELREC= (0..9)
0 0 0 0 0 0 0 0 0 0
##$SFO1= 182.431887
##$SFO2= 700.13
##$SFO3= 700.13
##$SFO4= 700.13
##$SFO5= 700.1314
##$SFO6= 700.1314
##$SFO7= 700.1314
##$SFO8= 700.1314
##$TY= (0..123)
0 0 0 0 0 0 0 0 0 0 0 0 0 0 0 0 0 0 0 0 0 0 0 0 0 0 0 0 0 0 0 0 0 0 0 0
0 0 0 0 0 0 0 0 0 0 0 0 0 0 0 0 0 0 0 0 0 0 0 0 0 0 0 0 0 0 0 0 0 0 0 0
0 0 0 0 0 0 0 0 0 0 0 0 0 0 0 0 0 0 0 0 0 0 0 0 0 0 0 0 0 0 0 0 0 0 0 0
0 0 0 0 0 0 0 0 0 0 0 0 0 0 0 0
##END=
